GEM
  remote: https://rubygems.org/
  specs:
    activemodel (5.2.3)
      activesupport (= 5.2.3)
    activesupport (5.2.3)
      concurrent-ruby (~> 1.0, >= 1.0.2)
      i18n (>= 0.7, < 2)
      minitest (~> 5.1)
      tzinfo (~> 1.1)
    addressable (2.6.0)
      public_suffix (>= 2.0.2, < 4.0)
    ansi (1.5.0)
    anyway_config (1.3.0)
    ast (2.4.0)
    axiom-types (0.1.1)
      descendants_tracker (~> 0.0.4)
      ice_nine (~> 0.11.0)
      thread_safe (~> 0.3, >= 0.3.1)
    base32 (0.3.2)
    bundler-audit (0.6.1)
      bundler (>= 1.2.0, < 3)
      thor (~> 0.18)
    byebug (10.0.2)
    celluloid (0.17.3)
      celluloid-essentials
      celluloid-extras
      celluloid-fsm
      celluloid-pool
      celluloid-supervision
      timers (>= 4.1.1)
    celluloid-essentials (0.20.5)
      timers (>= 4.1.1)
    celluloid-extras (0.20.5)
      timers (>= 4.1.1)
    celluloid-fsm (0.20.5)
      timers (>= 4.1.1)
    celluloid-io (0.17.3)
      celluloid (>= 0.17.2)
      nio4r (>= 1.1)
      timers (>= 4.1.1)
    celluloid-pool (0.20.5)
      timers (>= 4.1.1)
    celluloid-supervision (0.20.6)
      timers (>= 4.1.1)
    citrus (3.0.2)
    coderay (1.1.2)
    coercible (1.0.0)
      descendants_tracker (~> 0.0.1)
    concurrent-ruby (1.0.5)
    constructor_shortcut (0.2.0)
    contracts (0.16.0)
    crack (0.4.3)
      safe_yaml (~> 1.0.0)
    descendants_tracker (0.0.4)
      thread_safe (~> 0.3, >= 0.3.1)
    diff-lcs (1.3)
    digest-crc (0.4.1)
    docile (1.3.1)
    dotenv (2.4.0)
    dry-initializer (2.4.0)
    equalizer (0.0.11)
    excon (0.64.0)
    faraday (0.15.0)
      multipart-post (>= 1.2, < 3)
    faraday-digestauth (0.3.0)
      faraday (~> 0.7)
      net-http-digest_auth (~> 1.4)
    faraday_hal_middleware (0.1.0)
      faraday_middleware (~> 0.9)
    faraday_middleware (0.13.1)
      faraday (>= 0.7.4, < 1.0)
    ffi (1.10.0)
    hashdiff (0.3.9)
    hirb (0.7.3)
    hitimes (1.2.6)
    hyperclient (0.9.0)
      faraday (>= 0.9.0)
      faraday-digestauth
      faraday_hal_middleware
      faraday_middleware
      net-http-digest_auth
      uri_template
    i18n (1.0.1)
      concurrent-ruby (~> 1.0)
    ice_nine (0.11.2)
    inflecto (0.0.2)
    json (2.2.0)
    jwt (1.5.6)
    mail (2.7.0)
      mini_mime (>= 0.1.1)
    method_source (0.9.0)
    mini_mime (1.0.0)
    minitest (5.11.3)
    mobius-client (0.7.1)
      constructor_shortcut (~> 0.2.0)
      dry-initializer (~> 2.4)
      faraday (>= 0.14)
      faraday_middleware (~> 0.12, >= 0.12.2)
      jwt (~> 1.5, >= 1.5.6)
      stellar-sdk (~> 0.6)
      thor (~> 0.20)
    multi_json (1.13.1)
    multipart-post (2.0.0)
    net-http-digest_auth (1.4.1)
    nio4r (2.3.0)
    parallel (1.12.1)
    parser (2.5.1.0)
      ast (~> 2.4.0)
    powerpack (0.1.1)
    pry (0.11.3)
      coderay (~> 1.1.0)
      method_source (~> 0.9.0)
    pry-byebug (3.6.0)
      byebug (~> 10.0)
      pry (~> 0.10)
    public_suffix (3.0.3)
    rack (2.0.6)
    rainbow (3.0.0)
    rake (12.3.1)
    rbnacl (6.0.1)
      ffi
    redis (4.0.1)
    redis-namespace (1.6.0)
      redis (>= 3.0.4)
    rspec (3.8.0)
      rspec-core (~> 3.8.0)
      rspec-expectations (~> 3.8.0)
      rspec-mocks (~> 3.8.0)
    rspec-core (3.8.0)
      rspec-support (~> 3.8.0)
    rspec-expectations (3.8.3)
      diff-lcs (>= 1.2.0, < 2.0)
      rspec-support (~> 3.8.0)
    rspec-mocks (3.8.0)
      diff-lcs (>= 1.2.0, < 2.0)
      rspec-support (~> 3.8.0)
    rspec-support (3.8.0)
    rubocop (0.55.0)
      parallel (~> 1.10)
      parser (>= 2.5)
      powerpack (~> 0.1)
      rainbow (>= 2.2.2, < 4.0)
      ruby-progressbar (~> 1.7)
      unicode-display_width (~> 1.0, >= 1.0.1)
    rubocop-rspec (1.25.1)
      rubocop (>= 0.53.0)
    ruby-progressbar (1.9.0)
    safe_yaml (1.0.5)
    simplecov (0.16.1)
      docile (~> 1.1)
      json (>= 1.8, < 3)
      simplecov-html (~> 0.10.0)
    simplecov-console (0.4.2)
      ansi
      hirb
      simplecov
    simplecov-html (0.10.2)
    stellar-base (0.19.0)
      activesupport (>= 5.0.0)
      base32
      digest-crc
      rbnacl (>= 6.0)
      xdr (~> 3.0.0)
    stellar-sdk (0.7.0)
      activesupport (>= 5.0)
      contracts (~> 0.16)
      excon (~> 0.44, >= 0.44.4)
      hyperclient (~> 0.7)
      stellar-base (>= 0.18.0)
      toml-rb (~> 1.1, >= 1.1.1)
    sucker_punch (2.0.4)
      concurrent-ruby (~> 1.0.0)
    telegram-bot-ruby (0.8.6.1)
      faraday
      inflecto
      virtus
    thor (0.20.0)
    thread_safe (0.3.6)
    timers (4.1.2)
      hitimes
    toml-rb (1.1.2)
      citrus (~> 3.0, > 3.0)
    tram-policy (1.0.0)
      dry-initializer (~> 2.0)
      i18n (~> 1.0)
    tzinfo (1.2.5)
      thread_safe (~> 0.1)
    unicode-display_width (1.3.2)
    uri_template (0.7.0)
    vcr (3.0.3)
    virtus (1.0.5)
      axiom-types (~> 0.1)
      coercible (~> 1.0)
      descendants_tracker (~> 0.0, >= 0.0.3)
      equalizer (~> 0.0, >= 0.0.9)
    webmock (3.5.1)
      addressable (>= 2.3.6)
      crack (>= 0.3.2)
      hashdiff
    xdr (3.0.0)
      activemodel (>= 5.2.0)
      activesupport (>= 5.2.0)
    yard (0.9.12)

PLATFORMS
  ruby

DEPENDENCIES
  anyway_config
  bundler-audit (~> 0.6, >= 0.6.1)
  celluloid-io
  constructor_shortcut
  dotenv
  dry-initializer
  i18n
  mail (~> 2.7.0)
  mobius-client (~> 0.7, >= 0.7.1)
  multi_json
  pry-byebug
  rack
  rake (~> 12.0)
  redis
  redis-namespace (~> 1.6)
  rspec (~> 3.0)
  rubocop (~> 0.53)
  rubocop-rspec (~> 1.23)
  simplecov (~> 0.16, >= 0.16.1)
  simplecov-console (~> 0.4, >= 0.4.2)
  sucker_punch (~> 2.0)
  telegram-bot-ruby
  tram-policy
  vcr (~> 3.0, >= 3.0.3)
  webmock (~> 3.3)
  yard (~> 0.9, >= 0.9.12)

RUBY VERSION
   ruby 2.6.3p62

BUNDLED WITH
   2.0.1
